GEM
  remote: https://rubygems.org/
  specs:
    dotenv (2.7.6)

PLATFORMS
  x86_64-linux

DEPENDENCIES
  dotenv

RUBY VERSION
   ruby 3.1.1p18

BUNDLED WITH
   2.3.11
